GEM
  remote: https://rubygems.org/
  specs:
    rx (0.0.3)

PLATFORMS
  x64-mingw-ucrt

DEPENDENCIES
  rx (~> 0.0.3)

BUNDLED WITH
   2.5.23
